GEM
  remote: https://rubygems.org/
  specs:
    certified (1.0.0)
    colored (1.2)
    mini_portile2 (2.1.0)
    nokogiri (1.6.8.1)
      mini_portile2 (~> 2.1.0)
    nokogiri (1.6.8.1-x86-mingw32)
      mini_portile2 (~> 2.1.0)

PLATFORMS
  ruby
  x86-mingw32

DEPENDENCIES
  certified
  colored
  nokogiri (>= 1.6.7.rc)

BUNDLED WITH
   1.13.6
